GIT
  remote: https://github.com/nickcbrierley/bloc_record.git
  revision: 66d070bc06f1ef7ebfe2dd9d51c5c5d85884dd1d
  specs:
    bloc_record (0.0.0)
      sqlite3 (~> 1.3)

GEM
  remote: https://rubygems.org/
  specs:
    sqlite3 (1.3.13)

PLATFORMS
  ruby

DEPENDENCIES
  bloc_record!

BUNDLED WITH
   1.15.4
