GIT
  remote: https://github.com/nickcbrierley/bloc_record.git
  revision: 9f3679fc85cca77d4602a57629851bc82d401f67
  specs:
    bloc_record (0.0.0)
      sqlite3 (~> 1.3)

GEM
  remote: https://rubygems.org/
  specs:
    sqlite3 (1.3.13)

PLATFORMS
  ruby

DEPENDENCIES
  bloc_record!

BUNDLED WITH
   1.15.4
