GIT
  remote: https://github.com/nickcbrierley/bloc_record.git
  revision: f6442f2ab1f981f9e7b2431406804c8c6b08714a
  specs:
    bloc_record (0.0.0)
      sqlite3 (~> 1.3)

GEM
  remote: https://rubygems.org/
  specs:
    sqlite3 (1.3.13)

PLATFORMS
  ruby

DEPENDENCIES
  bloc_record!

BUNDLED WITH
   1.15.4
