GIT
  remote: https://github.com/nickcbrierley/bloc_record.git
  revision: 9e2cd9e6c2f5f651939e7fec391bb0654a3866ad
  specs:
    bloc_record (0.0.0)
      sqlite3 (~> 1.3)

GEM
  remote: https://rubygems.org/
  specs:
    sqlite3 (1.3.13)

PLATFORMS
  ruby

DEPENDENCIES
  bloc_record!

BUNDLED WITH
   1.15.4
